GEM
  remote: https://rubygems.org/
  specs:
    curb (0.9.8)

PLATFORMS
  ruby

DEPENDENCIES
  curb (~> 0.9.0)

BUNDLED WITH
   2.0.1
