GEM
  remote: https://rubygems.org/
  specs:
    curb (0.8.8)

PLATFORMS
  ruby

DEPENDENCIES
  curb (~> 0.8.8)

BUNDLED WITH
   1.10.3
