GEM
  remote: https://rubygems.org/
  specs:
    curb (0.9.4)

PLATFORMS
  ruby

DEPENDENCIES
  curb (~> 0.9.0)

RUBY VERSION
   ruby 2.4.1p111

BUNDLED WITH
   1.15.3
